GEM
  remote: https://rubygems.org/
  specs:
    net-sftp (2.0.5)
      net-ssh (>= 2.0.9)
    net-ssh (2.5.2)

PLATFORMS
  ruby

DEPENDENCIES
  net-sftp
  net-ssh
