GEM
  remote: https://rubygems.org/
  specs:
    highline (1.7.8)
    net-sftp (2.1.2)
      net-ssh (>= 2.6.5)
    net-ssh (3.0.1)

PLATFORMS
  ruby

DEPENDENCIES
  highline
  net-sftp
  net-ssh

BUNDLED WITH
   1.11.2
