GEM
  remote: https://rubygems.org/
  specs:
    net-sftp (2.1.1)
      net-ssh (>= 2.6.5)
    net-ssh (2.6.7)

PLATFORMS
  ruby

DEPENDENCIES
  net-sftp
  net-ssh
